GEM
  remote: http://rubygems.org/
  remote: https://n6ojjVsAxpecp7UjaAzD@gem.fury.io/semdinsp/
  specs:
    RedCloth (4.3.2)
    bcrypt (3.1.13)
    concurrent-ruby (1.1.6)
    estorm_lotto_gem (3.1.136)
      estorm_lotto_tools
      httpclient (~> 2)
      hurley (~> 0.1)
      hwid (~> 0.1)
      mqtt (~> 0.1)
      thor (~> 0.19)
    estorm_lotto_tools (0.5.1)
      hurley (~> 0.1)
      hwid (~> 0.2)
      parseconfig (~> 1.0)
      thor (~> 0.19)
    ffi (1.13.1)
    foreman (0.87.1)
    haml (5.1.2)
      temple (>= 0.8.0)
      tilt
    haml-contrib (1.0.0.1)
      haml (>= 3.2.0.alpha.13)
    httpclient (2.8.3)
    hurley (0.2)
    hwid (0.3.1)
    i18n (1.8.3)
      concurrent-ruby (~> 1.0)
    mqtt (0.5.0)
    mustermann (1.1.1)
      ruby2_keywords (~> 0.0.1)
    nesta (0.12.0)
      RedCloth (~> 4.2)
      haml (>= 3.1)
      haml-contrib (>= 1.0)
      rack (~> 2.0)
      rdiscount (~> 2.1)
      sassc (>= 2.2)
      sinatra (~> 2.0)
      tilt (~> 2.0)
    nio4r (2.5.8)
    parseconfig (1.0.8)
    power_assert (1.2.0)
    puma (4.3.11)
      nio4r (~> 2.0)
    rack (2.2.3)
    rack-protection (2.0.8.1)
      rack
    rack-ssl (1.4.1)
      rack
    rack-test (1.1.0)
      rack (>= 1.0, < 3)
    rdiscount (2.2.0.1)
    ruby2_keywords (0.0.2)
    sassc (2.4.0)
      ffi (~> 1.9)
    sinatra (2.0.8.1)
      mustermann (~> 1.0)
      rack (~> 2.0)
      rack-protection (= 2.0.8.1)
      tilt (~> 2.0)
    temple (0.8.2)
    test-unit (3.3.6)
      power_assert
    thor (0.20.3)
    tilt (2.0.10)

PLATFORMS
  ruby

DEPENDENCIES
  bcrypt
  estorm_lotto_gem!
  estorm_lotto_tools!
  foreman
  i18n
  nesta
  puma
  rack-ssl
  rack-test
  sinatra
  test-unit

RUBY VERSION
   ruby 2.6.6p146

BUNDLED WITH
   1.17.3
