GEM
  remote: http://rubygems.org/
  remote: https://n6ojjVsAxpecp7UjaAzD@gem.fury.io/semdinsp/
  specs:
    RedCloth (4.2.9)
    bcrypt (3.1.10)
    estorm_lotto_gem (2.4.6)
      estorm_lotto_tools (~> 0.3)
      httpclient (~> 2)
      hurley (~> 0.1)
      hwid (~> 0.1)
      thor (~> 0.19)
    estorm_lotto_tools (0.3.3)
      hurley (~> 0.1)
      parseconfig (~> 1.0)
      thor (~> 0.19)
    foreman (0.78.0)
      thor (~> 0.19.1)
    haml (4.1.0.beta.1)
      tilt
    haml-contrib (1.0.0.1)
      haml (>= 3.2.0.alpha.13)
    httpclient (2.6.0.1)
    hurley (0.1)
    hwid (0.1.5)
    i18n (0.7.0)
    nesta (0.11.1)
      RedCloth (~> 4.2)
      haml (>= 3.1)
      haml-contrib (>= 1.0)
      rack (>= 1.3)
      rdiscount (~> 2.1)
      sass (>= 3.1)
      sinatra (~> 1.4)
      tilt (~> 1.4)
    parseconfig (1.0.6)
    puma (2.12.2)
    rack (1.6.4)
    rack-protection (1.5.3)
      rack
    rack-test (0.6.3)
      rack (>= 1.0)
    rdiscount (2.1.8)
    sass (3.4.16)
    sinatra (1.4.6)
      rack (~> 1.4)
      rack-protection (~> 1.4)
      tilt (>= 1.3, < 3)
    thor (0.19.1)
    tilt (1.4.1)

PLATFORMS
  ruby

DEPENDENCIES
  bcrypt
  estorm_lotto_gem!
  foreman
  i18n
  nesta
  puma
  rack-test
  sinatra
